GEM
  remote: http://rubygems.org/
  specs:
    activesupport (3.0.10)
    capistrano (2.9.0)
      highline
      net-scp (>= 1.0.0)
      net-sftp (>= 2.0.0)
      net-ssh (>= 2.0.14)
      net-ssh-gateway (>= 1.1.0)
    cramp (0.15.1)
      activesupport (~> 3.0.9)
      eventmachine (~> 1.0.0.beta.3)
      rack (~> 1.3.2)
      thor (~> 0.14.6)
    daemons (1.1.4)
    eventmachine (1.0.0.beta.4)
    highline (1.6.8)
    hiredis (0.4.1)
    json (1.4.6)
    net-scp (1.0.4)
      net-ssh (>= 1.99.1)
    net-sftp (2.0.5)
      net-ssh (>= 2.0.9)
    net-ssh (2.2.1)
    net-ssh-gateway (1.1.0)
      net-ssh (>= 1.99.1)
    rack (1.3.5)
    redis (2.2.2)
    text (1.0.1)
    thin (1.2.11)
      daemons (>= 1.0.9)
      eventmachine (>= 0.12.6)
      rack (>= 1.0.0)
    thor (0.14.6)

PLATFORMS
  ruby

DEPENDENCIES
  capistrano
  cramp
  eventmachine
  hiredis
  json
  redis
  text
  thin
